GEM
  remote: https://rubygems.org/
  specs:
    connection_pool (2.2.3)
    hiredis (0.6.3)
    jwt (2.2.2)
    multi_json (1.15.0)
    mustermann (1.1.1)
      ruby2_keywords (~> 0.0.1)
    nest (3.2.0)
      redic
    ohm (3.1.1)
      nest (~> 3)
      redic (~> 1.5.0)
      stal
    pg (1.2.3)
    rack (2.2.3)
    rack-cors (1.1.1)
      rack (>= 2.0.0)
    rack-protection (2.1.0)
      rack
    rake (13.0.1)
    redic (1.5.3)
      hiredis
    redis (4.2.5)
    ruby2_keywords (0.0.2)
    sequel (5.38.0)
    sidekiq (6.1.2)
      connection_pool (>= 2.2.2)
      rack (~> 2.0)
      redis (>= 4.2.0)
    sinatra (2.1.0)
      mustermann (~> 1.0)
      rack (~> 2.2)
      rack-protection (= 2.1.0)
      tilt (~> 2.0)
    sinatra-contrib (2.1.0)
      multi_json
      mustermann (~> 1.0)
      rack-protection (= 2.1.0)
      sinatra (= 2.1.0)
      tilt (~> 2.0)
    stal (0.3.0)
      redic (~> 1.5)
    tilt (2.0.10)
    yajl-ruby (1.4.1)
    yard (0.9.25)

PLATFORMS
  ruby

DEPENDENCIES
  jwt (~> 2.2.2)
  ohm (~> 3.1)
  pg (~> 1.1)
  rack-cors (~> 1.1.1)
  rake (~> 13.0.1)
  sequel (~> 5.0)
  sidekiq (~> 6.0)
  sinatra (~> 2.1.0)
  sinatra-contrib
  yajl-ruby
  yard (~> 0.9.25)

BUNDLED WITH
   2.1.4
